RESTRICTION: == netcoreapp2.1
NUGET
  remote: https://www.nuget.org/api/v2
    Amazon.CDK (1.11.0-devpreview)
      Amazon.CDK.CXAPI (>= 1.11.0-devpreview)
      Amazon.JSII.Runtime (>= 0.17.1)
    Amazon.CDK.Assets (1.11.0-devpreview)
      Amazon.CDK (>= 1.11.0-devpreview)
      Amazon.CDK.CXAPI (>= 1.11.0-devpreview)
      Amazon.JSII.Runtime (>= 0.17.1)
    Amazon.CDK.AWS.CertificateManager (1.11.0-devpreview)
      Amazon.CDK (>= 1.11.0-devpreview)
      Amazon.CDK.AWS.CloudFormation (>= 1.11.0-devpreview)
      Amazon.CDK.AWS.IAM (>= 1.11.0-devpreview)
      Amazon.CDK.AWS.Lambda (>= 1.11.0-devpreview)
      Amazon.CDK.AWS.Route53 (>= 1.11.0-devpreview)
      Amazon.JSII.Runtime (>= 0.17.1)
    Amazon.CDK.AWS.CloudFormation (1.11.0-devpreview)
      Amazon.CDK (>= 1.11.0-devpreview)
      Amazon.CDK.AWS.IAM (>= 1.11.0-devpreview)
      Amazon.CDK.AWS.Lambda (>= 1.11.0-devpreview)
      Amazon.CDK.AWS.SNS (>= 1.11.0-devpreview)
      Amazon.JSII.Runtime (>= 0.17.1)
    Amazon.CDK.AWS.CloudFront (1.11.0-devpreview)
      Amazon.CDK (>= 1.11.0-devpreview)
      Amazon.CDK.AWS.CertificateManager (>= 1.11.0-devpreview)
      Amazon.CDK.AWS.IAM (>= 1.11.0-devpreview)
      Amazon.CDK.AWS.KMS (>= 1.11.0-devpreview)
      Amazon.CDK.AWS.Lambda (>= 1.11.0-devpreview)
      Amazon.CDK.AWS.S3 (>= 1.11.0-devpreview)
      Amazon.JSII.Runtime (>= 0.17.1)
    Amazon.CDK.AWS.CloudWatch (1.11.0-devpreview)
      Amazon.CDK (>= 1.11.0-devpreview)
      Amazon.CDK.AWS.IAM (>= 1.11.0-devpreview)
      Amazon.JSII.Runtime (>= 0.17.1)
    Amazon.CDK.AWS.EC2 (1.11.0-devpreview)
      Amazon.CDK (>= 1.11.0-devpreview)
      Amazon.CDK.AWS.CloudWatch (>= 1.11.0-devpreview)
      Amazon.CDK.AWS.IAM (>= 1.11.0-devpreview)
      Amazon.CDK.AWS.SSM (>= 1.11.0-devpreview)
      Amazon.CDK.CXAPI (>= 1.11.0-devpreview)
      Amazon.JSII.Runtime (>= 0.17.1)
    Amazon.CDK.AWS.Events (1.11.0-devpreview)
      Amazon.CDK (>= 1.11.0-devpreview)
      Amazon.CDK.AWS.IAM (>= 1.11.0-devpreview)
      Amazon.JSII.Runtime (>= 0.17.1)
    Amazon.CDK.AWS.IAM (1.11.0-devpreview)
      Amazon.CDK (>= 1.11.0-devpreview)
      Amazon.CDK.RegionInfo (>= 1.11.0-devpreview)
      Amazon.JSII.Runtime (>= 0.17.1)
    Amazon.CDK.AWS.KMS (1.11.0-devpreview)
      Amazon.CDK (>= 1.11.0-devpreview)
      Amazon.CDK.AWS.IAM (>= 1.11.0-devpreview)
      Amazon.JSII.Runtime (>= 0.17.1)
    Amazon.CDK.AWS.Lambda (1.11.0-devpreview)
      Amazon.CDK (>= 1.11.0-devpreview)
      Amazon.CDK.AWS.CloudWatch (>= 1.11.0-devpreview)
      Amazon.CDK.AWS.EC2 (>= 1.11.0-devpreview)
      Amazon.CDK.AWS.Events (>= 1.11.0-devpreview)
      Amazon.CDK.AWS.IAM (>= 1.11.0-devpreview)
      Amazon.CDK.AWS.Logs (>= 1.11.0-devpreview)
      Amazon.CDK.AWS.S3 (>= 1.11.0-devpreview)
      Amazon.CDK.AWS.S3.Assets (>= 1.11.0-devpreview)
      Amazon.CDK.AWS.SQS (>= 1.11.0-devpreview)
      Amazon.CDK.CXAPI (>= 1.11.0-devpreview)
      Amazon.JSII.Runtime (>= 0.17.1)
    Amazon.CDK.AWS.Logs (1.11.0-devpreview)
      Amazon.CDK (>= 1.11.0-devpreview)
      Amazon.CDK.AWS.CloudWatch (>= 1.11.0-devpreview)
      Amazon.CDK.AWS.IAM (>= 1.11.0-devpreview)
      Amazon.JSII.Runtime (>= 0.17.1)
    Amazon.CDK.AWS.Route53 (1.11.0-devpreview)
      Amazon.CDK (>= 1.11.0-devpreview)
      Amazon.CDK.AWS.EC2 (>= 1.11.0-devpreview)
      Amazon.CDK.AWS.Logs (>= 1.11.0-devpreview)
      Amazon.CDK.CXAPI (>= 1.11.0-devpreview)
      Amazon.JSII.Runtime (>= 0.17.1)
    Amazon.CDK.AWS.S3 (1.11.0-devpreview)
      Amazon.CDK (>= 1.11.0-devpreview)
      Amazon.CDK.AWS.Events (>= 1.11.0-devpreview)
      Amazon.CDK.AWS.IAM (>= 1.11.0-devpreview)
      Amazon.CDK.AWS.KMS (>= 1.11.0-devpreview)
      Amazon.JSII.Runtime (>= 0.17.1)
    Amazon.CDK.AWS.S3.Assets (1.11.0-devpreview)
      Amazon.CDK (>= 1.11.0-devpreview)
      Amazon.CDK.Assets (>= 1.11.0-devpreview)
      Amazon.CDK.AWS.IAM (>= 1.11.0-devpreview)
      Amazon.CDK.AWS.S3 (>= 1.11.0-devpreview)
      Amazon.CDK.CXAPI (>= 1.11.0-devpreview)
      Amazon.JSII.Runtime (>= 0.17.1)
    Amazon.CDK.AWS.S3.Deployment (1.11.0-devpreview)
      Amazon.CDK (>= 1.11.0-devpreview)
      Amazon.CDK.AWS.CloudFormation (>= 1.11.0-devpreview)
      Amazon.CDK.AWS.CloudFront (>= 1.11.0-devpreview)
      Amazon.CDK.AWS.IAM (>= 1.11.0-devpreview)
      Amazon.CDK.AWS.Lambda (>= 1.11.0-devpreview)
      Amazon.CDK.AWS.S3 (>= 1.11.0-devpreview)
      Amazon.CDK.AWS.S3.Assets (>= 1.11.0-devpreview)
      Amazon.JSII.Runtime (>= 0.17.1)
    Amazon.CDK.AWS.SNS (1.11.0-devpreview)
      Amazon.CDK (>= 1.11.0-devpreview)
      Amazon.CDK.AWS.CloudWatch (>= 1.11.0-devpreview)
      Amazon.CDK.AWS.Events (>= 1.11.0-devpreview)
      Amazon.CDK.AWS.IAM (>= 1.11.0-devpreview)
      Amazon.JSII.Runtime (>= 0.17.1)
    Amazon.CDK.AWS.SQS (1.11.0-devpreview)
      Amazon.CDK (>= 1.11.0-devpreview)
      Amazon.CDK.AWS.CloudWatch (>= 1.11.0-devpreview)
      Amazon.CDK.AWS.IAM (>= 1.11.0-devpreview)
      Amazon.CDK.AWS.KMS (>= 1.11.0-devpreview)
      Amazon.JSII.Runtime (>= 0.17.1)
    Amazon.CDK.AWS.SSM (1.11.0-devpreview)
      Amazon.CDK (>= 1.11.0-devpreview)
      Amazon.CDK.AWS.IAM (>= 1.11.0-devpreview)
      Amazon.CDK.CXAPI (>= 1.11.0-devpreview)
      Amazon.JSII.Runtime (>= 0.17.1)
    Amazon.CDK.CXAPI (1.11.0-devpreview)
      Amazon.JSII.Runtime (>= 0.17.1)
    Amazon.CDK.RegionInfo (1.11.0-devpreview)
      Amazon.JSII.Runtime (>= 0.17.1)
    Amazon.JSII.JsonModel (0.18)
      Newtonsoft.Json (>= 12.0.2)
    Amazon.JSII.Runtime (0.18)
      Amazon.JSII.JsonModel (>= 0.18)
      Microsoft.Extensions.DependencyInjection (>= 3.0)
      Microsoft.Extensions.Logging (>= 3.0)
      Microsoft.Extensions.Logging.Console (>= 3.0)
      Newtonsoft.Json (>= 12.0.2)
    FSharp.Core (4.7)
    Microsoft.Extensions.Configuration (3.0)
      Microsoft.Extensions.Configuration.Abstractions (>= 3.0)
    Microsoft.Extensions.Configuration.Abstractions (3.0)
      Microsoft.Extensions.Primitives (>= 3.0)
    Microsoft.Extensions.Configuration.Binder (3.0)
      Microsoft.Extensions.Configuration (>= 3.0)
    Microsoft.Extensions.DependencyInjection (3.0)
      Microsoft.Extensions.DependencyInjection.Abstractions (>= 3.0)
    Microsoft.Extensions.DependencyInjection.Abstractions (3.0)
    Microsoft.Extensions.Logging (3.0)
      Microsoft.Extensions.Configuration.Binder (>= 3.0)
      Microsoft.Extensions.DependencyInjection (>= 3.0)
      Microsoft.Extensions.Logging.Abstractions (>= 3.0)
      Microsoft.Extensions.Options (>= 3.0)
    Microsoft.Extensions.Logging.Abstractions (3.0)
    Microsoft.Extensions.Logging.Configuration (3.0)
      Microsoft.Extensions.Logging (>= 3.0)
      Microsoft.Extensions.Options.ConfigurationExtensions (>= 3.0)
    Microsoft.Extensions.Logging.Console (3.0)
      Microsoft.Extensions.Configuration.Abstractions (>= 3.0)
      Microsoft.Extensions.Logging (>= 3.0)
      Microsoft.Extensions.Logging.Configuration (>= 3.0)
    Microsoft.Extensions.Options (3.0)
      Microsoft.Extensions.DependencyInjection.Abstractions (>= 3.0)
      Microsoft.Extensions.Primitives (>= 3.0)
      System.ComponentModel.Annotations (>= 4.6)
    Microsoft.Extensions.Options.ConfigurationExtensions (3.0)
      Microsoft.Extensions.Configuration.Abstractions (>= 3.0)
      Microsoft.Extensions.Configuration.Binder (>= 3.0)
      Microsoft.Extensions.DependencyInjection.Abstractions (>= 3.0)
      Microsoft.Extensions.Options (>= 3.0)
    Microsoft.Extensions.Primitives (3.0)
      System.Memory (>= 4.5.2)
      System.Runtime.CompilerServices.Unsafe (>= 4.6)
    Newtonsoft.Json (12.0.2)
    System.ComponentModel.Annotations (4.6)
    System.Memory (4.5.3)
    System.Runtime.CompilerServices.Unsafe (4.6)

GROUP Build
NUGET
  remote: https://www.nuget.org/api/v2
    FAKE (5.16)
